GEM
  remote: https://rubygems.org/
  specs:
    docile (1.1.5)
    faraday (0.9.2)
      multipart-post (>= 1.2, < 3)
    json (1.8.3)
    multipart-post (2.0.0)
    simplecov (0.11.2)
      docile (~> 1.1.0)
      json (~> 1.8)
      simplecov-html (~> 0.10.0)
    simplecov-html (0.10.0)

PLATFORMS
  ruby

DEPENDENCIES
  faraday
  simplecov

BUNDLED WITH
   1.11.2
